PATH
  remote: /home/levent/work/cosm-rb
  specs:
    cosm-rb (0.1.01)
      fastercsv (>= 1.5.x)
      httparty (>= 0.8.3)
      multi_json (>= 1.3.6)
      nokogiri (>= 1.4.4)
      yajl-ruby (>= 1.1.0)

GEM
  remote: http://rubygems.org/
  specs:
    curb (0.8.1)
    fastercsv (1.5.5)
    httparty (0.8.3)
      multi_json (~> 1.0)
      multi_xml
    multi_json (1.3.6)
    multi_xml (0.5.1)
    nokogiri (1.5.5)
    ruby-prof (0.11.2)
    yajl-ruby (1.1.0)

PLATFORMS
  ruby

DEPENDENCIES
  cosm-rb!
  curb
  httparty
  ruby-prof
  yajl-ruby
